GEM
  remote: https://rubygems.org/
  specs:
    activesupport (5.1.7)
      concurrent-ruby (~> 1.0, >= 1.0.2)
      i18n (>= 0.7, < 2)
      minitest (~> 5.1)
      tzinfo (~> 1.1)
    colorize (0.8.1)
    concurrent-ruby (1.1.10)
    diff-lcs (1.5.0)
    i18n (1.10.0)
      concurrent-ruby (~> 1.0)
    minitest (5.15.0)
    natural_time (0.3.0)
      activesupport (~> 5.1.4)
    pastel (0.8.0)
      tty-color (~> 0.5)
    rainbow (3.1.1)
    rspec (3.11.0)
      rspec-core (~> 3.11.0)
      rspec-expectations (~> 3.11.0)
      rspec-mocks (~> 3.11.0)
    rspec-core (3.11.0)
      rspec-support (~> 3.11.0)
    rspec-expectations (3.11.0)
      diff-lcs (>= 1.2.0, < 2.0)
      rspec-support (~> 3.11.0)
    rspec-mocks (3.11.0)
      diff-lcs (>= 1.2.0, < 2.0)
      rspec-support (~> 3.11.0)
    rspec-support (3.11.0)
    thread_safe (0.3.6)
    timecop (0.9.5)
    timer (0.3.0)
      natural_time (~> 0.3.0)
      timecop (~> 0.9.1)
    tty-color (0.6.0)
    tty-cursor (0.7.1)
    tty-prompt (0.23.1)
      pastel (~> 0.8)
      tty-reader (~> 0.8)
    tty-reader (0.9.0)
      tty-cursor (~> 0.7)
      tty-screen (~> 0.8)
      wisper (~> 2.0)
    tty-screen (0.8.1)
    tzinfo (1.2.9)
      thread_safe (~> 0.1)
    wisper (2.0.1)

PLATFORMS
  x86_64-darwin-21

DEPENDENCIES
  colorize (~> 0.8.1)
  rainbow (~> 3.1)
  rspec (~> 3.11)
  timer (~> 0.3.0)
  tty-prompt (~> 0.23.1)

BUNDLED WITH
   2.3.9
